GEM
  remote: http://rubygems.org/
  specs:
    json (1.7.5)
    mime-types (1.19)
    rest-client (1.6.7)
      mime-types (>= 1.16)
    trollop (2.0)

PLATFORMS
  ruby

DEPENDENCIES
  json
  rest-client
  trollop
